GEM
  remote: http://rubygems.org/
  specs:
    bson (1.1.2)
    bson_ext (1.1.4)
    builder (3.0.0)
    capybara (0.4.1.1)
      celerity (>= 0.7.9)
      culerity (>= 0.2.4)
      mime-types (>= 1.16)
      nokogiri (>= 1.3.3)
      rack (>= 1.0.0)
      rack-test (>= 0.5.4)
      selenium-webdriver (>= 0.0.27)
      xpath (~> 0.1.3)
    celerity (0.8.7)
    childprocess (0.1.6)
      ffi (~> 0.6.3)
    cucumber (0.10.0)
      builder (>= 2.1.2)
      diff-lcs (~> 1.1.2)
      gherkin (~> 2.3.2)
      json (~> 1.4.6)
      term-ansicolor (~> 1.0.5)
    culerity (0.2.15)
    diff-lcs (1.1.2)
    ffi (0.6.3)
      rake (>= 0.8.7)
    gherkin (2.3.3)
      json (~> 1.4.6)
    haml (3.0.23)
    json (1.4.6)
    json_pure (1.5.1)
    kgio (1.3.1)
    mime-types (1.16)
    mongo (1.1.4)
      bson (>= 1.1.1)
    nokogiri (1.4.4)
    rack (1.2.1)
    rack-test (0.5.7)
      rack (>= 1.0)
    rake (0.8.7)
    rspec (2.4.0)
      rspec-core (~> 2.4.0)
      rspec-expectations (~> 2.4.0)
      rspec-mocks (~> 2.4.0)
    rspec-core (2.4.0)
    rspec-expectations (2.4.0)
      diff-lcs (~> 1.1.2)
    rspec-mocks (2.4.0)
    rubyzip (0.9.4)
    selenium-webdriver (0.1.2)
      childprocess (~> 0.1.5)
      ffi (~> 0.6.3)
      json_pure
      rubyzip
    sinatra (1.1.0)
      rack (~> 1.1)
      tilt (~> 1.1)
    term-ansicolor (1.0.5)
    tilt (1.1)
    unicorn (2.0.0)
      kgio (~> 1.3.1)
      rack
    xpath (0.1.3)
      nokogiri (~> 1.3)

PLATFORMS
  ruby

DEPENDENCIES
  bson_ext
  capybara
  cucumber
  haml
  mongo
  rspec
  sinatra
  unicorn
